{
	"Modality": "MR",
	"MagneticFieldStrength": 1.5,
	"ManufacturersModelName": "PMOD",
	"InstitutionName": "Spruce_MRI_Assoc_MR2",
	"DeviceSerialNumber": "0",
	"PatientPosition": "HFS",
	"SoftwareVersions": "3.405",
	"MRAcquisitionType": "2D",
	"SeriesDescription": "Ax_T2_FLAIR",
	"ProtocolName": "8444612980_4",
	"ScanningSequence": "SE_IR",
	"SequenceVariant": "SK",
	"ScanOptions": "FAST_GEMS_FC_SLICE_AX_GEMS_FC_TRF_GEMS",
	"ImageType": ["ORIGINAL", "PRIMARY", "OTHER"],
	"SeriesNumber": 4,
	"AcquisitionTime": "10:46:51.000000",
	"AcquisitionNumber": 1,
	"SliceThickness": 3,
	"SpacingBetweenSlices": 3,
	"SAR": 0.4617,
	"EchoTime": 0.121256,
	"RepetitionTime": 8.002,
	"InversionTime": 2,
	"FlipAngle": 90,
	"PercentPhaseFOV": 100,
	"AcquisitionMatrixPE": 192,
	"ReconMatrixPE": 512,
	"PixelBandwidth": 88.7891,
	"PhaseEncodingAxis": "i",
	"ImageOrientationPatientDICOM": [
		1,
		-0,
		0,
		-0,
		1,
		0	],
	"InPlanePhaseEncodingDirectionDICOM": "ROW",
	"ConversionSoftware": "dcm2niix",
	"ConversionSoftwareVersion": "v1.0.20180622 (JP2:OpenJPEG) (JP-LS:CharLS) MSC1900"
}
